PATH
  remote: .
  specs:
    pundit_helpers (1.0.0)
      pundit (>= 0.2.2)

GEM
  remote: https://rubygems.org/
  specs:
    activesupport (7.1.5.1)
      base64
      benchmark (>= 0.3)
      bigdecimal
      concurrent-ruby (~> 1.0, >= 1.0.2)
      connection_pool (>= 2.2.5)
      drb
      i18n (>= 1.6, < 2)
      logger (>= 1.4.2)
      minitest (>= 5.1)
      mutex_m
      securerandom (>= 0.3)
      tzinfo (~> 2.0)
    base64 (0.2.0)
    benchmark (0.4.0)
    bigdecimal (3.1.9)
    concurrent-ruby (1.3.4)
    connection_pool (2.5.0)
    diff-lcs (1.5.1)
    drb (2.2.1)
    i18n (1.14.6)
      concurrent-ruby (~> 1.0)
    logger (1.6.4)
    minitest (5.25.4)
    mutex_m (0.3.0)
    pundit (2.4.0)
      activesupport (>= 3.0.0)
    rake (13.2.1)
    rspec (2.14.1)
      rspec-core (~> 2.14.0)
      rspec-expectations (~> 2.14.0)
      rspec-mocks (~> 2.14.0)
    rspec-core (2.14.8)
    rspec-expectations (2.14.5)
      diff-lcs (>= 1.1.3, < 2.0)
    rspec-mocks (2.14.6)
    securerandom (0.3.2)
    tzinfo (2.0.6)
      concurrent-ruby (~> 1.0)

PLATFORMS
  arm64-darwin-23
  ruby

DEPENDENCIES
  bundler
  pundit_helpers!
  rake
  rspec (~> 2.14.1)

BUNDLED WITH
   2.5.17
